GEM
  remote: https://rubygems.org/
  specs:
    addressable (2.3.5)
    builder (3.2.2)
    daemons (1.1.9)
    ebnf (0.3.1)
      rdf
      sxp
    eventmachine (1.0.3)
    haml (4.0.3)
      tilt
    htmlentities (4.3.1)
    json (1.8.0)
    json-ld (1.0.5)
      json (>= 1.7.5)
      rdf (>= 1.0.7)
    json_pure (1.8.0)
    kramdown (1.1.0)
    linkeddata (1.0.5)
      json-ld (>= 0.9.1)
      rdf (>= 1.0.5)
      rdf-isomorphic (>= 1.0.1)
      rdf-json (>= 1.0)
      rdf-microdata (>= 1.0)
      rdf-n3 (>= 1.0)
      rdf-rdfa (>= 1.0)
      rdf-rdfxml (>= 1.0.1)
      rdf-trig (>= 1.0.0.beta3)
      rdf-trix (>= 1.0)
      rdf-turtle (>= 1.0.4)
    logutils (0.6.0)
    markdown (1.1.1)
      kramdown (>= 1.0.2)
      props (>= 1.0.0)
      textutils (>= 0.6.4)
    mini_portile (0.5.1)
    net-http-persistent (2.9)
    nokogiri (1.6.0)
      mini_portile (~> 0.5.0)
    props (1.0.0)
    rack (1.5.2)
    rdf (1.0.7)
      addressable (>= 2.2)
    rdf-aggregate-repo (0.1.2)
      rdf (>= 1.0)
    rdf-isomorphic (1.0.2)
      rdf (>= 1.0)
    rdf-json (1.0.0)
      json_pure (>= 1.4)
      rdf (>= 1.0)
    rdf-microdata (1.0.0)
      htmlentities (>= 4.3.0)
      json (>= 1.7.6)
      rdf (>= 1.0)
      rdf-xsd (>= 1.0)
    rdf-n3 (1.0.2)
      rdf (>= 1.0.7)
    rdf-rdfa (1.0.2)
      haml (>= 4.0)
      htmlentities (>= 4.3.1)
      rdf (>= 1.0.5)
      rdf-xsd (>= 1.0)
    rdf-rdfxml (1.0.2)
      rdf (>= 1.0)
      rdf-xsd (>= 1.0)
    rdf-trig (1.0.1)
      ebnf (>= 0.3.0)
      rdf (>= 1.0.7)
      rdf-turtle (>= 1.0.7)
    rdf-trix (1.0.0)
      rdf (>= 1.0)
    rdf-turtle (1.0.9)
      ebnf (>= 0.3.0)
      rdf (>= 1.0.7)
    rdf-xsd (1.0.2.1)
      nokogiri (>= 1.5.0)
      rdf (>= 0.3.4)
    sparql (1.1.0)
      builder (>= 3.0)
      ebnf (>= 0.3.0)
      json (>= 1.7)
      rdf (>= 1.0.7)
      rdf-aggregate-repo
      rdf-xsd (>= 1.0.2)
      sparql-client (>= 1.0.3)
      sxp (>= 0.1.3)
    sparql-client (1.0.4.1)
      json_pure (>= 1.4)
      net-http-persistent (>= 1.4)
      rdf (>= 1.0)
    sxp (0.1.3)
      json (>= 1.1.1)
    textutils (0.6.8)
      logutils (~> 0.5)
    thin (1.5.1)
      daemons (>= 1.0.9)
      eventmachine (>= 0.12.6)
      rack (>= 1.0.0)
    tilt (1.4.1)

PLATFORMS
  ruby

DEPENDENCIES
  json-ld
  linkeddata
  markdown
  rack
  rdf-rdfa
  sparql
  thin
